PATH
  remote: .
  specs:
    sekreto (0.2.0)
      aws-sdk-secretsmanager
      multi_json

GEM
  remote: https://rubygems.org/
  specs:
    ast (2.4.0)
    autocop (0.1.4)
      rubocop (>= 0.52.1)
      rubocop-rspec (>= 1.22.1)
    aws-eventstream (1.0.0)
    aws-partitions (1.87.0)
    aws-sdk-core (3.21.2)
      aws-eventstream (~> 1.0)
      aws-partitions (~> 1.0)
      aws-sigv4 (~> 1.0)
      jmespath (~> 1.0)
    aws-sdk-secretsmanager (1.5.0)
      aws-sdk-core (~> 3)
      aws-sigv4 (~> 1.0)
    aws-sigv4 (1.0.2)
    coderay (1.1.2)
    diff-lcs (1.3)
    docile (1.3.1)
    jmespath (1.4.0)
    json (2.1.0)
    method_source (0.9.0)
    multi_json (1.13.1)
    parallel (1.12.1)
    parser (2.5.1.0)
      ast (~> 2.4.0)
    powerpack (0.1.1)
    pry (0.11.3)
      coderay (~> 1.1.0)
      method_source (~> 0.9.0)
    rainbow (3.0.0)
    rake (12.3.1)
    rspec (3.7.0)
      rspec-core (~> 3.7.0)
      rspec-expectations (~> 3.7.0)
      rspec-mocks (~> 3.7.0)
    rspec-core (3.7.1)
      rspec-support (~> 3.7.0)
    rspec-expectations (3.7.0)
      diff-lcs (>= 1.2.0, < 2.0)
      rspec-support (~> 3.7.0)
    rspec-mocks (3.7.0)
      diff-lcs (>= 1.2.0, < 2.0)
      rspec-support (~> 3.7.0)
    rspec-support (3.7.1)
    rubocop (0.55.0)
      parallel (~> 1.10)
      parser (>= 2.5)
      powerpack (~> 0.1)
      rainbow (>= 2.2.2, < 4.0)
      ruby-progressbar (~> 1.7)
      unicode-display_width (~> 1.0, >= 1.0.1)
    rubocop-rspec (1.25.1)
      rubocop (>= 0.53.0)
    ruby-progressbar (1.9.0)
    simplecov (0.16.1)
      docile (~> 1.1)
      json (>= 1.8, < 3)
      simplecov-html (~> 0.10.0)
    simplecov-html (0.10.2)
    stub_env (1.0.4)
      rspec (>= 2.0, < 4.0)
    unicode-display_width (1.3.2)
    yard (0.9.12)

PLATFORMS
  ruby

DEPENDENCIES
  autocop (~> 0.1.4)
  bundler (~> 1.16)
  pry (~> 0.11.3)
  rake (~> 12.3)
  rspec (~> 3.0)
  rspec-mocks (~> 3.0)
  sekreto!
  simplecov (~> 0.16.1)
  stub_env (~> 1.0)
  yard (~> 0.9.11)

BUNDLED WITH
   1.16.1
