PATH
  remote: .
  specs:
    sekreto (0.5.0)
      aws-sdk-secretsmanager
      multi_json

GEM
  remote: https://rubygems.org/
  specs:
    ast (2.4.0)
    autocop (0.2.6)
      rubocop (>= 0.52.1)
      rubocop-rspec (>= 1.22.1)
    aws-eventstream (1.0.3)
    aws-partitions (1.177.0)
    aws-sdk-core (3.56.0)
      aws-eventstream (~> 1.0, >= 1.0.2)
      aws-partitions (~> 1.0)
      aws-sigv4 (~> 1.1)
      jmespath (~> 1.0)
    aws-sdk-secretsmanager (1.28.0)
      aws-sdk-core (~> 3, >= 3.56.0)
      aws-sigv4 (~> 1.1)
    aws-sigv4 (1.1.0)
      aws-eventstream (~> 1.0, >= 1.0.2)
    coderay (1.1.2)
    diff-lcs (1.3)
    docile (1.3.1)
    jaro_winkler (1.5.2)
    jmespath (1.4.0)
    json (2.1.0)
    method_source (0.9.2)
    multi_json (1.13.1)
    parallel (1.14.0)
    parser (2.6.0.0)
      ast (~> 2.4.0)
    powerpack (0.1.2)
    pry (0.12.2)
      coderay (~> 1.1.0)
      method_source (~> 0.9.0)
    psych (3.1.0)
    rainbow (3.0.0)
    rake (12.3.2)
    rspec (3.7.0)
      rspec-core (~> 3.7.0)
      rspec-expectations (~> 3.7.0)
      rspec-mocks (~> 3.7.0)
    rspec-core (3.7.1)
      rspec-support (~> 3.7.0)
    rspec-expectations (3.7.0)
      diff-lcs (>= 1.2.0, < 2.0)
      rspec-support (~> 3.7.0)
    rspec-mocks (3.7.0)
      diff-lcs (>= 1.2.0, < 2.0)
      rspec-support (~> 3.7.0)
    rspec-support (3.7.1)
    rubocop (0.65.0)
      jaro_winkler (~> 1.5.1)
      parallel (~> 1.10)
      parser (>= 2.5, != 2.5.1.1)
      powerpack (~> 0.1)
      psych (>= 3.1.0)
      rainbow (>= 2.2.2, < 4.0)
      ruby-progressbar (~> 1.7)
      unicode-display_width (~> 1.4.0)
    rubocop-rspec (1.32.0)
      rubocop (>= 0.60.0)
    ruby-progressbar (1.10.0)
    simplecov (0.16.1)
      docile (~> 1.1)
      json (>= 1.8, < 3)
      simplecov-html (~> 0.10.0)
    simplecov-html (0.10.2)
    stub_env (1.0.4)
      rspec (>= 2.0, < 4.0)
    unicode-display_width (1.4.1)
    yard (0.9.19)

PLATFORMS
  ruby

DEPENDENCIES
  autocop (~> 0.2.0)
  bundler (~> 1.16)
  pry (~> 0.12.0)
  rake (~> 12.3)
  rspec (~> 3.0)
  rspec-mocks (~> 3.0)
  sekreto!
  simplecov (~> 0.16.1)
  stub_env (~> 1.0)
  yard (~> 0.9.11)

BUNDLED WITH
   1.16.4
