PATH
  remote: .
  specs:
    sekreto (0.5.1)
      aws-sdk-secretsmanager
      multi_json

GEM
  remote: https://rubygems.org/
  specs:
    ast (2.4.0)
    autocop (0.4.3)
      rubocop (>= 0.52.1)
      rubocop-performance (>= 1.4.1)
      rubocop-rails (>= 2.3.1)
      rubocop-rspec (>= 1.22.1)
    aws-eventstream (1.0.3)
    aws-partitions (1.258.0)
    aws-sdk-core (3.86.0)
      aws-eventstream (~> 1.0, >= 1.0.2)
      aws-partitions (~> 1, >= 1.239.0)
      aws-sigv4 (~> 1.1)
      jmespath (~> 1.0)
    aws-sdk-secretsmanager (1.32.0)
      aws-sdk-core (~> 3, >= 3.71.0)
      aws-sigv4 (~> 1.1)
    aws-sigv4 (1.1.0)
      aws-eventstream (~> 1.0, >= 1.0.2)
    coderay (1.1.2)
    diff-lcs (1.3)
    docile (1.3.2)
    jaro_winkler (1.5.4)
    jmespath (1.4.0)
    json (2.2.0)
    method_source (0.9.2)
    multi_json (1.14.1)
    parallel (1.19.1)
    parser (2.7.0.1)
      ast (~> 2.4.0)
    pry (0.12.2)
      coderay (~> 1.1.0)
      method_source (~> 0.9.0)
    rack (2.0.8)
    rainbow (3.0.0)
    rake (13.0.3)
    rspec (3.7.0)
      rspec-core (~> 3.7.0)
      rspec-expectations (~> 3.7.0)
      rspec-mocks (~> 3.7.0)
    rspec-core (3.7.1)
      rspec-support (~> 3.7.0)
    rspec-expectations (3.7.0)
      diff-lcs (>= 1.2.0, < 2.0)
      rspec-support (~> 3.7.0)
    rspec-mocks (3.7.0)
      diff-lcs (>= 1.2.0, < 2.0)
      rspec-support (~> 3.7.0)
    rspec-support (3.7.1)
    rubocop (0.78.0)
      jaro_winkler (~> 1.5.1)
      parallel (~> 1.10)
      parser (>= 2.6)
      rainbow (>= 2.2.2, < 4.0)
      ruby-progressbar (~> 1.7)
      unicode-display_width (>= 1.4.0, < 1.7)
    rubocop-performance (1.5.2)
      rubocop (>= 0.71.0)
    rubocop-rails (2.4.1)
      rack (>= 1.1)
      rubocop (>= 0.72.0)
    rubocop-rspec (1.37.1)
      rubocop (>= 0.68.1)
    ruby-progressbar (1.10.1)
    simplecov (0.17.1)
      docile (~> 1.1)
      json (>= 1.8, < 3)
      simplecov-html (~> 0.10.0)
    simplecov-html (0.10.2)
    stub_env (1.0.4)
      rspec (>= 2.0, < 4.0)
    unicode-display_width (1.6.0)
    yard (0.9.23)

PLATFORMS
  ruby

DEPENDENCIES
  autocop (>= 0.4.2)
  bundler (~> 1.16)
  pry (~> 0.12.0)
  rake (~> 13.0)
  rspec (~> 3.0)
  rspec-mocks (~> 3.0)
  sekreto!
  simplecov (~> 0.17.0)
  stub_env (~> 1.0)
  yard (~> 0.9.11)

BUNDLED WITH
   1.16.4
